PATH
  remote: .
  specs:
    spacifier (1.0.0.pre.alpha4)

GEM
  remote: https://rubygems.org/
  specs:
    codeclimate-test-reporter (1.0.3)
      simplecov
    docile (1.1.5)
    json (2.0.2)
    minitest (5.9.1)
    rake (11.3.0)
    shoulda-context (1.2.2)
    simplecov (0.12.0)
      docile (~> 1.1.0)
      json (>= 1.8, < 3)
      simplecov-html (~> 0.10.0)
    simplecov-html (0.10.0)

PLATFORMS
  ruby

DEPENDENCIES
  codeclimate-test-reporter (~> 1.0.0)
  minitest
  rake
  shoulda-context
  simplecov
  spacifier!

BUNDLED WITH
   1.13.6
